PATH
  remote: .
  specs:
    nostrb (0.2)
      schnorr_sig (~> 1.2)

GEM
  remote: https://rubygems.org/
  specs:
    async (2.17.0)
      console (~> 1.26)
      fiber-annotation
      io-event (~> 1.6, >= 1.6.5)
    async-container (0.18.3)
      async (~> 2.10)
    async-http (0.80.0)
      async (>= 2.10.2)
      async-pool (~> 0.7)
      io-endpoint (~> 0.11)
      io-stream (~> 0.4)
      protocol-http (~> 0.37)
      protocol-http1 (~> 0.27)
      protocol-http2 (~> 0.19)
      traces (>= 0.10)
    async-http-cache (0.4.4)
      async-http (~> 0.56)
    async-pool (0.8.1)
      async (>= 1.25)
      metrics
      traces
    async-service (0.12.0)
      async
      async-container (~> 0.16)
    async-websocket (0.30.0)
      async-http (~> 0.76)
      protocol-http (~> 0.34)
      protocol-rack (~> 0.7)
      protocol-websocket (~> 0.17)
    benchmark-ips (2.14.0)
    bigdecimal (3.1.8)
    buildar (3.1.1.1)
    console (1.27.0)
      fiber-annotation
      fiber-local (~> 1.1)
      json
    ecdsa (1.2.0)
    ecdsa_ext (0.5.1)
      ecdsa (~> 1.2.0)
    falcon (0.48.2)
      async
      async-container (~> 0.18)
      async-http (~> 0.75)
      async-http-cache (~> 0.4)
      async-service (~> 0.10)
      bundler
      localhost (~> 1.1)
      openssl (~> 3.0)
      process-metrics (~> 0.2)
      protocol-http (~> 0.31)
      protocol-rack (~> 0.7)
      samovar (~> 2.3)
    fiber-annotation (0.2.0)
    fiber-local (1.1.0)
      fiber-storage
    fiber-storage (1.0.0)
    io-endpoint (0.13.1)
    io-event (1.7.0)
    io-stream (0.4.3)
    json (2.7.2)
    localhost (1.3.1)
    mapping (1.1.1)
    metrics (0.10.2)
    mini_portile2 (2.8.7)
    oj (3.16.6)
      bigdecimal (>= 3.0)
      ostruct (>= 0.2)
    openssl (3.2.0)
    ostruct (0.6.0)
    pkg-config (1.5.6)
    process-metrics (0.3.0)
      console (~> 1.8)
      json (~> 2)
      samovar (~> 2.1)
    protocol-hpack (1.5.1)
    protocol-http (0.37.0)
    protocol-http1 (0.27.0)
      protocol-http (~> 0.22)
    protocol-http2 (0.19.3)
      protocol-hpack (~> 1.4)
      protocol-http (~> 0.18)
    protocol-rack (0.10.0)
      protocol-http (~> 0.37)
      rack (>= 1.0)
    protocol-websocket (0.19.0)
      protocol-http (~> 0.2)
    rack (3.1.7)
    rbsecp256k1 (6.0.0)
      mini_portile2 (~> 2.8)
      pkg-config (~> 1.5)
      rubyzip (~> 2.3)
    rubyzip (2.3.2)
    samovar (2.3.0)
      console (~> 1.0)
      mapping (~> 1.0)
    schnorr_sig (1.2.0.1)
      ecdsa_ext (~> 0)
    sequel (5.85.0)
      bigdecimal
    sqlite3 (2.1.0)
      mini_portile2 (~> 2.8.0)
    sqlite3 (2.1.0-aarch64-linux-gnu)
    sqlite3 (2.1.0-aarch64-linux-musl)
    sqlite3 (2.1.0-arm-linux-gnu)
    sqlite3 (2.1.0-arm-linux-musl)
    sqlite3 (2.1.0-arm64-darwin)
    sqlite3 (2.1.0-x86-linux-gnu)
    sqlite3 (2.1.0-x86-linux-musl)
    sqlite3 (2.1.0-x86_64-darwin)
    sqlite3 (2.1.0-x86_64-linux-gnu)
    sqlite3 (2.1.0-x86_64-linux-musl)
    traces (0.13.1)

PLATFORMS
  aarch64-linux-gnu
  aarch64-linux-musl
  arm-linux-gnu
  arm-linux-musl
  arm64-darwin
  ruby
  x86-linux-gnu
  x86-linux-musl
  x86_64-darwin
  x86_64-linux-gnu
  x86_64-linux-musl

DEPENDENCIES
  async-websocket
  benchmark-ips
  buildar
  falcon
  nostrb!
  oj
  rbsecp256k1
  sequel
  sqlite3

BUNDLED WITH
   2.5.9
